GIT
  remote: git@git.corp.stripe.com:stripe-internal/space-commander
  revision: 1a0ad47420e2c4d6b8b4bc52a6bafb15955f8fd1
  ref: 1a0ad47420e2c4d6b8b4bc52a6bafb15955f8fd1
  specs:
    space-commander (1.2.0)
      aws-sdk (~> 2)
      aws-sdk-v1 (~> 1.64.0.0185430d)
      chalk-hostname
      chalk-tools (>= 0.0.31, < 1.0)
      cmdparse (~> 3.0.1)
      domainatrix
      mime
      net-ssh (= 4.0.1.stripe.1)
      octokit (~> 4.2)
      rest-client
      rqrcode
      thor

GIT
  remote: git@git.corp.stripe.com:stripe-internal/chalk-hostname
  revision: c362f40046d2a1188bca11c969611a4bca1b9c37
  ref: c362f40046d2a1188bca11c969611a4bca1b9c37
  specs:
    chalk-hostname (0.0.4)

PATH
  remote: .
  specs:
    yoyo (0.0.1)
      chalk-cli
      docile (~> 1.1)
      excon
      highline
      mail
      net-sftp (~> 2.1.2)
      net-ssh (~> 4.0.1.stripe.1)
      net-ssh-gateway (~> 2.0.0)
      octokit
      sixword (~> 0.3)
      space-commander
      subprocess
      u2f_client (~> 0.1)

GEM
  remote: https://intgems.local.corp.stripe.com:446/
  specs:
    addressable (2.5.0)
      public_suffix (~> 2.0, >= 2.0.2)
    aws-sdk (2.3.6)
      aws-sdk-resources (= 2.3.6)
    aws-sdk-core (2.3.6)
      jmespath (~> 1.0)
    aws-sdk-resources (2.3.6)
      aws-sdk-core (= 2.3.6)
    aws-sdk-v1 (1.64.0.0185430d)
      json (~> 1.4)
      nokogiri (>= 1.4.4)
    byebug (9.0.5)
    chalk-cli (0.0.4)
      chalk-config (~> 0.2.0)
      chalk-log
      trollop
    chalk-config (0.2.3)
      configatron (~> 4.4)
    chalk-log (0.1.6)
      chalk-config
      logging
      lspace
    chalk-tools (0.1.0)
      chalk-log
      json
      lspace (~> 0.9)
      rack
      subprocess
    cmdparse (3.0.1)
    coderay (1.1.1)
    configatron (4.5.0)
    docile (1.1.5)
    domain_name (0.5.20160826)
      unf (>= 0.0.5, < 1.0.0)
    domainatrix (0.0.11)
      addressable
    excon (0.49.0)
    faraday (0.10.0)
      multipart-post (>= 1.2, < 3)
    ffi (1.9.14)
    highline (1.7.8)
    http-cookie (1.0.3)
      domain_name (~> 0.5)
    jmespath (1.1.3)
    json (1.8.6)
    little-plugger (1.1.4)
    logging (2.1.0)
      little-plugger (~> 1.1)
      multi_json (~> 1.10)
    lspace (0.13)
    mail (2.6.4)
      mime-types (>= 1.16, < 4)
    method_source (0.8.2)
    mime (0.4.3)
    mime-types (3.1)
      mime-types-data (~> 3.2015)
    mime-types-data (3.2016.0521)
    mini_portile2 (2.1.0)
    multi_json (1.12.1)
    multipart-post (2.0.0)
    net-sftp (2.1.2)
      net-ssh (>= 2.6.5)
    net-ssh (4.0.1.stripe.1)
    net-ssh-gateway (2.0.0)
      net-ssh (>= 4.0.0)
    netrc (0.11.0)
    nokogiri (1.6.8)
      mini_portile2 (~> 2.1.0)
      pkg-config (~> 1.1.7)
    octokit (4.6.2)
      sawyer (~> 0.8.0, >= 0.5.3)
    pkg-config (1.1.7)
    pry (0.10.4)
      coderay (~> 1.1.0)
      method_source (~> 0.8.1)
      slop (~> 3.4)
    pry-byebug (3.4.0)
      byebug (~> 9.0)
      pry (~> 0.10)
    public_suffix (2.0.4)
    rack (1.6.4)
    rake (12.0.0)
    rb-readline (0.5.4)
    rest-client (2.0.0)
      http-cookie (>= 1.0.2, < 2.0)
      mime-types (>= 1.16, < 4.0)
      netrc (~> 0.8)
    rqrcode (0.4.2)
    ruby-dbus (0.13.0)
    sawyer (0.8.1)
      addressable (>= 2.3.5, < 2.6)
      faraday (~> 0.8, < 1.0)
    sentry-raven (2.3.0)
      faraday (>= 0.7.6, < 1.0)
    sixword (0.3.0)
    slop (3.6.0)
    subprocess (1.3.3)
    thor (0.19.1)
    trollop (2.1.2)
    u2f_client (0.1)
      ffi (~> 1.9)
      ruby-dbus (~> 0.13)
    unf (0.1.4)
      unf_ext
    unf_ext (0.0.7.2)

PLATFORMS
  ruby

DEPENDENCIES
  bundler (~> 1.3)
  chalk-hostname!
  pry
  pry-byebug
  rake
  rb-readline
  sentry-raven
  space-commander!
  yoyo!

BUNDLED WITH
   1.14.4
