GIT
  remote: git@github.com:stripe-internal/space-commander
  revision: 7b6b0b22dedc6d0a4daa7fb5e20b066cdd45a048
  ref: 7b6b0b22dedc6d0a4daa7fb5e20b066cdd45a048
  specs:
    space-commander (1.1.0)
      aws-sdk (~> 1.22)
      chalk-hostname
      chalk-tools
      domainatrix
      multi_json
      net-sftp
      net-ssh (~> 2.6.7)
      net-ssh-gateway
      octokit (~> 1.24)
      rest-client
      route53
      rqrcode
      thor

GIT
  remote: git@github.com:stripe/chalk-hostname
  revision: c362f40046d2a1188bca11c969611a4bca1b9c37
  ref: c362f40046d2a1188bca11c969611a4bca1b9c37
  specs:
    chalk-hostname (0.0.4)

PATH
  remote: .
  specs:
    yoyo (0.0.1)
      chalk-cli
      docile (~> 1.1)
      highline
      mail
      sixword
      space-commander
      subprocess

GEM
  remote: https://intgems.stripe.com:446/
  specs:
    addressable (2.3.5)
    aws-sdk (1.22.0)
      json (~> 1.4)
      nokogiri (>= 1.4.4, < 1.6.0)
      uuidtools (~> 2.1)
    builder (3.2.2)
    chalk-cli (0.0.2)
      chalk-log
      trollop
    chalk-log (0.0.12)
      logging
    chalk-tools (0.0.12)
      chalk-log
      json
      lspace (~> 0.9)
      rack
    coderay (1.0.9)
    docile (1.1.1)
    domainatrix (0.0.11)
      addressable
    faraday (0.8.8)
      multipart-post (~> 1.2.0)
    faraday_middleware (0.9.0)
      faraday (>= 0.7.4, < 0.9)
    hashie (2.0.5)
    highline (1.6.20)
    hpricot (0.8.6)
    i18n (0.6.9)
    json (1.8.1)
    little-plugger (1.1.3)
    logging (1.8.1)
      little-plugger (>= 1.1.3)
      multi_json (>= 1.3.6)
    lspace (0.13)
    mail (2.5.3)
      i18n (>= 0.4.0)
      mime-types (~> 1.16)
      treetop (~> 1.4.8)
    method_source (0.8.2)
    mime-types (1.25)
    multi_json (1.8.2)
    multipart-post (1.2.0)
    net-sftp (2.1.2)
      net-ssh (>= 2.6.5)
    net-ssh (2.6.8)
    net-ssh-gateway (1.2.0)
      net-ssh (>= 2.6.5)
    netrc (0.7.7)
    nokogiri (1.5.10)
    octokit (1.24.0)
      addressable (~> 2.2)
      faraday (~> 0.8)
      faraday_middleware (~> 0.9)
      hashie (~> 2.0)
      multi_json (~> 1.3)
      netrc (~> 0.7.7)
    polyglot (0.3.3)
    pry (0.9.12.2)
      coderay (~> 1.0.5)
      method_source (~> 0.8)
      slop (~> 3.4)
    rack (1.5.2)
    rake (10.1.0)
    rest-client (1.6.7)
      mime-types (>= 1.16)
    route53 (0.2.1)
      builder
      hpricot
      ruby-hmac
    rqrcode (0.4.2)
    ruby-hmac (0.4.0)
    sixword (0.2.0)
    slop (3.4.7)
    subprocess (1.0.0)
    thor (0.18.1)
    treetop (1.4.12)
      polyglot
      polyglot (>= 0.3.1)
    trollop (2.0)
    uuidtools (2.1.4)

PLATFORMS
  ruby

DEPENDENCIES
  bundler (~> 1.3)
  chalk-hostname!
  pry
  rake
  space-commander!
  yoyo!
