GIT
  remote: git@github.com:stripe-internal/space-commander
  revision: 39d854ce3dba3c9ee251e2c63b627515fdc0f977
  ref: 39d854ce3dba3c9ee251e2c63b627515fdc0f977
  specs:
    space-commander (1.2.0)
      aws-sdk (~> 1.38)
      chalk-hostname
      chalk-tools (>= 0.0.31, < 1.0)
      domainatrix
      multi_json
      net-sftp
      net-ssh (~> 4.0.1)
      net-ssh-gateway
      octokit (~> 3.7)
      rest-client
      rqrcode
      thor

GIT
  remote: git@github.com:stripe/chalk-hostname
  revision: c362f40046d2a1188bca11c969611a4bca1b9c37
  ref: c362f40046d2a1188bca11c969611a4bca1b9c37
  specs:
    chalk-hostname (0.0.4)

PATH
  remote: .
  specs:
    yoyo (0.0.1)
      chalk-cli
      docile (~> 1.1)
      excon
      highline
      mail
      octokit
      sixword (~> 0.3)
      space-commander
      subprocess

GEM
  remote: https://intgems.local.corp.stripe.com:446/
  specs:
    addressable (2.3.6)
    aws-sdk (1.61.0)
      aws-sdk-v1 (= 1.61.0)
    aws-sdk-v1 (1.61.0)
      json (~> 1.4)
      nokogiri (>= 1.4.4)
    chalk-cli (0.0.4)
      chalk-config (~> 0.2.0)
      chalk-log
      trollop
    chalk-config (0.2.1)
      configatron (~> 4.4)
    chalk-log (0.1.2)
      chalk-config
      logging
      lspace
    chalk-tools (0.0.31)
      chalk-log
      json
      lspace (~> 0.9)
      rack
      subprocess
    coderay (1.1.0)
    configatron (4.5.0)
    docile (1.1.5)
    domainatrix (0.0.11)
      addressable
    excon (0.49.0)
    faraday (0.9.1)
      multipart-post (>= 1.2, < 3)
    highline (1.6.20)
    json (1.8.2)
    little-plugger (1.1.3)
    logging (1.8.2)
      little-plugger (>= 1.1.3)
      multi_json (>= 1.8.4)
    lspace (0.13)
    mail (2.6.3)
      mime-types (>= 1.16, < 3)
    method_source (0.8.2)
    mime-types (2.4.3)
    mini_portile (0.6.2)
    multi_json (1.10.1)
    multipart-post (2.0.0)
    net-sftp (2.1.2)
      net-ssh (>= 2.6.5)
    net-ssh (4.0.1)
    net-ssh-gateway (1.2.0)
      net-ssh (>= 2.6.5)
    netrc (0.10.3)
    nokogiri (1.6.6.2)
      mini_portile (~> 0.6.0)
    octokit (3.7.0)
      sawyer (~> 0.6.0, >= 0.5.3)
    pry (0.10.1)
      coderay (~> 1.1.0)
      method_source (~> 0.8.1)
      slop (~> 3.4)
    rack (1.6.0)
    rake (10.4.2)
    rest-client (1.7.2)
      mime-types (>= 1.16, < 3.0)
      netrc (~> 0.7)
    rqrcode (0.4.2)
    sawyer (0.6.0)
      addressable (~> 2.3.5)
      faraday (~> 0.8, < 0.10)
    sixword (0.3.0)
    slop (3.6.0)
    subprocess (1.2.0)
    thor (0.19.1)
    trollop (2.1.2)

PLATFORMS
  ruby

DEPENDENCIES
  bundler (~> 1.3)
  chalk-hostname!
  pry
  rake
  space-commander!
  yoyo!

BUNDLED WITH
   1.11.2
